GIT
  remote: git://github.com/thoughtlead/panda.git
  revision: 52c19f86d1d82967aa5079e577602e14e6f11ee2
  specs:
    panda (0.0.2)

GEM
  remote: http://rubygems.org/
  specs:
    RedCloth (4.1.9)
    RubyInline (3.8.4)
      ZenTest
    ZenTest (4.3.3)
    activesupport (3.0.0)
    aws-s3 (0.5.1)
      builder
      mime-types
      xml-simple
    builder (2.1.2)
    chronic (0.2.3)
      hoe (>= 1.2.1)
    colored (1.1)
    columnize (0.3.1)
    crack (0.1.8)
    faker (0.3.1)
    fastercsv (1.4.0)
    flixcloud-flix_cloud-gem (0.5.5)
      builder (>= 2.1.2)
      crack (>= 0.1.1)
      sevenwire-http_client (>= 0.1.0)
    hoe (1.8.3)
      rake (>= 0.8.3)
      rubyforge (>= 1.0.2)
    hoptoad_notifier (2.3.6)
      activesupport
    hpricot (0.6.164)
    image_science (1.1.3)
      RubyInline (> 0.0.0)
      hoe (>= 1.2.1)
    json_pure (1.4.6)
    linecache (0.43)
    lockfile (1.4.3)
    map_by_method (0.8.3)
    mime-types (1.15)
    mini_magick (1.2.5)
    mislav-will_paginate (2.3.11)
    mocha (0.9.8)
      rake
    mysql (2.8.1)
    newrelic_rpm (2.12.3)
    rake (0.8.3)
    rexml-expansion-fix (1.0.1)
    ruby-debug (0.10.3)
      columnize (>= 0.1)
      ruby-debug-base (~> 0.10.3.0)
    ruby-debug-base (0.10.3)
      linecache (>= 0.3)
    rubyforge (2.0.4)
      json_pure (>= 1.1.7)
    sevenwire-http_client (0.1.0)
    shoulda (2.0.6)
    wideopenspaces-gstats (0.1.2)
    xml-simple (1.0.12)

PLATFORMS
  ruby

DEPENDENCIES
  RedCloth (~> 4.1.1)
  aws-s3 (~> 0.5.1)
  builder (~> 2.1.2)
  bundler (= 1.0.0)
  chronic (~> 0.2.3)
  colored (= 1.1)
  crack (~> 0.1.2)
  faker (~> 0.3.1)
  fastercsv (~> 1.4.0)
  flixcloud-flix_cloud-gem (~> 0.5.5)
  hoe (~> 1.8.3)
  hoptoad_notifier
  hpricot (~> 0.6.164)
  image_science (~> 1.1.3)
  lockfile (~> 1.4.3)
  map_by_method (~> 0.8.3)
  mime-types (= 1.15)
  mini_magick (~> 1.2.3)
  mislav-will_paginate (~> 2.3.6)
  mocha (~> 0.9.4)
  mysql
  newrelic_rpm
  panda (~> 0.0.2)!
  rake (= 0.8.3)
  rexml-expansion-fix (~> 1.0.1)
  ruby-debug
  sevenwire-http_client (~> 0.1.0)
  shoulda (~> 2.0.6)
  wideopenspaces-gstats (~> 0.1.2)
  xml-simple (~> 1.0.11)
